GIT
  remote: https://github.com/Shopify/aead.git
  revision: 340e7718d8bd9c1fcf3c443e32f439436ea2b70d
  ref: 340e7718d8bd9c1fcf3c443e32f439436ea2b70d
  specs:
    aead (1.8.2)
      macaddr (~> 1)

PATH
  remote: .
  specs:
    gala (0.3.1)
      aead (~> 1.8)

GEM
  remote: https://rubygems.org/
  specs:
    macaddr (1.7.1)
      systemu (~> 2.6.2)
    minitest (5.11.3)
    rake (12.0.0)
    systemu (2.6.5)

PLATFORMS
  ruby

DEPENDENCIES
  aead!
  bundler (~> 1.14)
  gala!
  minitest
  rake (~> 12.0)

BUNDLED WITH
   1.15.4
