GIT
  remote: git://github.com/onelogin/aead.git
  revision: 16475b876c2cd02951db8952c92214244204d11b
  ref: master
  specs:
    aead (1.8.1)
      macaddr (~> 1)

PATH
  remote: .
  specs:
    gala (0.3.0)
      aead

GEM
  remote: https://rubygems.org/
  specs:
    macaddr (1.7.1)
      systemu (~> 2.6.2)
    rake (12.0.0)
    systemu (2.6.4)

PLATFORMS
  ruby

DEPENDENCIES
  aead!
  bundler
  gala!
  rake

BUNDLED WITH
   1.14.3
