PATH
  remote: .
  specs:
    gala (0.4.0)
      openssl (>= 3.0.1)

GEM
  remote: https://rubygems.org/
  specs:
    minitest (5.17.0)
    openssl (3.1.0)
    rake (12.3.3)

PLATFORMS
  x86_64-darwin-20
  x86_64-darwin-21

DEPENDENCIES
  bundler (~> 2.3)
  gala!
  minitest
  rake (~> 12.0)

BUNDLED WITH
   2.3.4
